{"TaskName":"mapping_ds","InstitutionName":"McConnell Brain Imaging Centre, McGill University","InstitutionAddress":"3801 University St., Montreal, QC, Canada","Manufacturer":"CTF","ManufacturersModelName":"CTF-275","SoftwareVersions":"Acq 5.4.2-linux-20070507","TaskDescription":"","Instructions":"","CogAtlasID":"","CogPOID":"","SamplingFrequency":2400,"PowerLineFrequency":60,"DewarPosition":"upright","SoftwareFilters":{"SpatialCompensation":{"GradientOrder":3}},"DigitizedHeadPoints":true,"DigitizedLandmarks":true,"MEGChannelCount":273,"MEGREFChannelCount":26,"EEGChannelCount":3,"ECOGChannelCount":0,"SEEGChannelCount":0,"EOGChannelCount":2,"ECGChannelCount":1,"EMGChannelCount":0,"MiscChannelCount":1,"TriggerChannelCount":2,"RecordingDuration":824,"RecordingType":"continuous","EpochLength":"n/a","ContinuousHeadLocalization":false,"SubjectArtefactDescription":"","AssociatedEmptyRoom":"sub-emptyroom/ses-0001/meg/sub-emptyroom_ses-0001_task-emptyroom_run-01_meg.ds","HardwareFilters":{"Antialiasing":{"Type":"Low pass","Class":"Elliptic","Order":8,"Frequency":600,"PassBandRippleDb":0.1,"NyquistAttenuationDb":120}}}